GEM
  specs:
    faraday (0.10.0)
      multipart-post (>= 1.2, < 3)
    jsonrpc-client (0.1.3)
      faraday
      multi_json (>= 1.1.0)
    multi_json (1.12.1)
    multipart-post (2.0.0)

PLATFORMS
  ruby

DEPENDENCIES
  faraday
  jsonrpc-client

BUNDLED WITH
   1.11.2
